PATH
  remote: .
  specs:
    fake_spewz (0.1.0)
      rgeo-shapefile (~> 0.4.2)

GEM
  remote: https://rubygems.org/
  specs:
    byebug (9.1.0)
    dbf (3.1.1)
    diff-lcs (1.3)
    rake (10.5.0)
    rgeo (0.6.0)
    rgeo-shapefile (0.4.2)
      dbf (~> 3.0)
      rgeo (~> 0.3)
    rspec (3.7.0)
      rspec-core (~> 3.7.0)
      rspec-expectations (~> 3.7.0)
      rspec-mocks (~> 3.7.0)
    rspec-core (3.7.1)
      rspec-support (~> 3.7.0)
    rspec-expectations (3.7.0)
      diff-lcs (>= 1.2.0, < 2.0)
      rspec-support (~> 3.7.0)
    rspec-mocks (3.7.0)
      diff-lcs (>= 1.2.0, < 2.0)
      rspec-support (~> 3.7.0)
    rspec-support (3.7.0)

PLATFORMS
  ruby

DEPENDENCIES
  bundler (~> 1.16)
  byebug
  fake_spewz!
  rake (~> 10.0)
  rspec (~> 3.0)

BUNDLED WITH
   1.16.0
